GEM
  remote: http://rubygems.org/
  specs:
    git (1.2.5)
    jamster-statsd (0.1.0)
    jeweler (1.5.2)
      bundler (~> 1.0.0)
      git (>= 1.2.5)
      rake
    rake (0.9.2.2)
    yard (0.6.8)

PLATFORMS
  ruby

DEPENDENCIES
  bundler (~> 1.0.0)
  jamster-statsd
  jeweler (~> 1.5.2)
  yard (~> 0.6.0)
